GIT
  remote: git://github.com/3scale/3scale_ws_api_for_ruby.git
  revision: 4f88a716967ce508993731d95ed2780b1907759c
  specs:
    3scale_client (2.3.4)
      nokogiri

GIT
  remote: git://github.com/Enlighten/carmen.git
  revision: c4f39cbc882945d716209add9d0018c0549e96d8
  branch: 0.2.x
  specs:
    enphase-carmen (0.2.14)

GIT
  remote: git://github.com/Enlighten/oauth-plugin.git
  revision: 4964332fdde2b0c5bc72c35b8d6e3d6110f52ec1
  branch: 0_4_0_RC2-branch
  specs:
    oauth-plugin (0.4.0.rc2)
      multi_json (~> 1.0.4)
      oauth (~> 0.4.4)
      oauth2 (~> 0.5.2)
      rack (~> 1.2.5)

GIT
  remote: git://github.com/Enlighten/oauth-ruby.git
  revision: d3ef646d7365081a82663569d59d688cb7525402
  specs:
    oauth (0.4.5)

GIT
  remote: git://github.com/dwaite/gdata.git
  revision: fae93bd449d44044dbd0d565946b6ba0e21cb772
  specs:
    gdata (1.1.2)

GIT
  remote: git://github.com/richhollis/swagger-docs.git
  revision: 4fc9db6b698b540689db637e82a0c83a570c828c
  specs:
    swagger-docs (0.1.8)

GEM
  remote: https://rubygems.org/
  specs:
    RedCloth (4.2.9)
    abstract (1.0.0)
    actionmailer (3.0.20)
      actionpack (= 3.0.20)
      mail (~> 2.2.19)
    actionmailer_inline_css (1.5.2)
      actionmailer (>= 3.0.0)
      nokogiri (>= 1.4.4)
      premailer (>= 1.7.1)
    actionpack (3.0.20)
      activemodel (= 3.0.20)
      activesupport (= 3.0.20)
      builder (~> 2.1.2)
      erubis (~> 2.6.6)
      i18n (~> 0.5.0)
      rack (~> 1.2.5)
      rack-mount (~> 0.6.14)
      rack-test (~> 0.5.7)
      tzinfo (~> 0.3.23)
    activemodel (3.0.20)
      activesupport (= 3.0.20)
      builder (~> 2.1.2)
      i18n (~> 0.5.0)
    activerecord (3.0.20)
      activemodel (= 3.0.20)
      activesupport (= 3.0.20)
      arel (~> 2.0.10)
      tzinfo (~> 0.3.23)
    activeresource (3.0.20)
      activemodel (= 3.0.20)
      activesupport (= 3.0.20)
    activesupport (3.0.20)
    addressable (2.3.6)
    airbrake (3.1.8)
      activesupport
      builder
      json
    arel (2.0.10)
    aws-sdk (1.32.0)
      json (~> 1.4)
      nokogiri (>= 1.4.4)
      uuidtools (~> 2.1)
    backports (3.6.0)
    bson (1.7.1)
    bson_ext (1.7.1)
      bson (~> 1.7.1)
    builder (2.1.2)
    cancan (1.6.7)
    canonix (0.1.1)
    cocaine (0.3.2)
    composite_primary_keys (3.1.11)
      activerecord (~> 3.0.0, >= 3.0.5)
    crack (0.4.2)
      safe_yaml (~> 1.0.0)
    css_parser (1.3.5)
      addressable
    databasedotcom (1.3.1)
      json
      multipart-post (~> 1.1)
    default_value_for (1.0.6)
    dynamic_form (1.1.4)
    enphase-arturo (1.3.3)
      rails (~> 3.0)
    erubis (2.6.6)
      abstract (>= 1.0.0)
    faraday (0.9.0)
      multipart-post (>= 1.2, < 3)
    gabba (0.1.1)
    hoe (2.8.0)
      rake (>= 0.8.7)
    htmlentities (4.3.2)
    i18n (0.5.4)
    i18n-js (2.1.2)
      i18n
    jammit (0.6.5)
      yui-compressor (>= 0.9.3)
    jnunemaker-validatable (1.8.4)
      activesupport (>= 2.3.4)
    json (1.5.3)
    libxml-ruby (2.7.0)
    macaddr (1.7.1)
      systemu (~> 2.6.2)
    mail (2.2.20)
      activesupport (>= 2.3.6)
      i18n (>= 0.4.0)
      mime-types (~> 1.16)
      treetop (~> 1.4.8)
    mime-types (1.25.1)
    mongo (1.7.1)
      bson (~> 1.7.1)
    mongo_mapper (0.8.6)
      activesupport (>= 2.3.4)
      jnunemaker-validatable (~> 1.8.4)
      plucky (~> 0.3.6)
    mongomapper_i18n (0.1.0)
      mongo_mapper (>= 0.7.0)
    mono_logger (1.1.0)
    multi_json (1.0.4)
    multipart-post (1.2.0)
    mysql2 (0.2.23)
    net-ssh (2.1.4)
    newrelic_rpm (3.8.1.221)
    nokogiri (1.5.1)
    oauth2 (0.5.2)
      faraday (~> 0.7)
      multi_json (~> 1.0)
    packet (0.1.15)
    paperclip (2.7.0)
      activerecord (>= 2.3.0)
      activesupport (>= 2.3.2)
      cocaine (>= 0.0.2)
      mime-types
    plucky (0.3.8)
      mongo (~> 1.3)
    polyglot (0.3.5)
    premailer (1.8.2)
      css_parser (>= 1.3.5)
      htmlentities (>= 4.0.0)
    pvwatts-ee (0.1.4)
      savon (~> 0.7.6)
    rack (1.2.5)
    rack-mount (0.6.14)
      rack (>= 1.0.0)
    rack-test (0.5.7)
      rack (>= 1.0)
    rails (3.0.20)
      actionmailer (= 3.0.20)
      actionpack (= 3.0.20)
      activerecord (= 3.0.20)
      activeresource (= 3.0.20)
      activesupport (= 3.0.20)
      bundler (~> 1.0)
      railties (= 3.0.20)
    rails-i18n (0.6.6)
      i18n (~> 0.5)
    railties (3.0.20)
      actionpack (= 3.0.20)
      activesupport (= 3.0.20)
      rake (>= 0.8.7)
      rdoc (~> 3.4)
      thor (~> 0.14.4)
    rake (0.8.7)
    rdoc (3.12.2)
      json (~> 1.4)
    redis (3.1.0)
    redis-namespace (1.5.0)
      redis (~> 3.0, >= 3.0.4)
    resque (1.24.1)
      mono_logger (~> 1.0)
      multi_json (~> 1.0)
      redis-namespace (~> 1.2)
      sinatra (>= 0.9.2)
      vegas (~> 0.1.2)
    role_model (0.7.0)
    ruby-saml (0.7.3)
      canonix (= 0.1.1)
      nokogiri (~> 1.5.0)
      uuid (~> 2.3)
    rubyzip (0.9.4)
    safe_yaml (1.0.3)
    savon (0.7.9)
      builder (>= 2.1.2)
      crack (>= 0.1.4)
    sendgrid-enphase (1.1.0)
      json
      json
    simple-rss (1.3.1)
    sinatra (1.2.9)
      backports
      rack (~> 1.1, < 1.5)
      tilt (>= 1.2.2, < 2.0)
    strip_attributes (1.1.0)
      activemodel (~> 3.0)
    sundawg_country_codes (0.0.7)
    systemu (2.6.4)
    thor (0.14.6)
    tilt (1.4.1)
    treetop (1.4.15)
      polyglot
      polyglot (>= 0.3.1)
    tzinfo (0.3.38)
    uuid (2.3.7)
      macaddr (~> 1.0)
    uuidtools (2.1.3)
    vegas (0.1.11)
      rack (>= 1.0.0)
    when_sun (1.0.1)
    will_paginate (3.0.7)
    work_queue (2.5.2)
    yajl-ruby (0.8.3)
    yui-compressor (0.9.4)

PLATFORMS
  ruby

DEPENDENCIES
  3scale_client!
  RedCloth (= 4.2.9)
  actionmailer_inline_css (= 1.5.2)
  airbrake (= 3.1.8)
  aws-sdk (~> 1.32.0)
  bson (= 1.7.1)
  bson_ext (= 1.7.1)
  cancan (= 1.6.7)
  cocaine (= 0.3.2)
  composite_primary_keys (~> 3.1.10)
  databasedotcom (= 1.3.1)
  default_value_for (= 1.0.6)
  dynamic_form (~> 1.1.4)
  enphase-arturo (= 1.3.3)
  enphase-carmen!
  gabba (= 0.1.1)
  gdata!
  hoe (= 2.8.0)
  i18n-js (~> 2.1.2)
  jammit (= 0.6.5)
  json (= 1.5.3)
  libxml-ruby (= 2.7.0)
  mongo (= 1.7.1)
  mongo_mapper (= 0.8.6)
  mongomapper_i18n (= 0.1.0)
  mysql2 (~> 0.2.18)
  net-ssh (= 2.1.4)
  newrelic_rpm (~> 3.8.1)
  nokogiri (= 1.5.1)
  oauth (= 0.4.5)!
  oauth-plugin (= 0.4.0.rc2)!
  packet (= 0.1.15)
  paperclip (= 2.7.0)
  pvwatts-ee (= 0.1.4)
  rack (= 1.2.5)
  rails (= 3.0.20)
  rails-i18n (~> 0.6.2)
  rake (= 0.8.7)
  rdoc (~> 3.4)
  redis (~> 3.0)
  resque (= 1.24.1)
  role_model (= 0.7.0)
  ruby-saml (~> 0.7.2)
  rubyzip (= 0.9.4)
  sendgrid-enphase (~> 1.1.0)
  simple-rss (= 1.3.1)
  strip_attributes (= 1.1.0)
  sundawg_country_codes (~> 0.0.7)
  swagger-docs!
  tzinfo (= 0.3.38)
  uuidtools (= 2.1.3)
  when_sun (= 1.0.1)
  will_paginate (~> 3.0)
  work_queue (= 2.5.2)
  yajl-ruby (= 0.8.3)
  yui-compressor (= 0.9.4)
